GEM
  remote: https://rubygems.org/
  specs:
    byebug (11.1.3)
    coderay (1.1.3)
    color (1.8)
    ffi (1.15.0)
    generator (0.0.1)
    graphviz (1.2.1)
      process-pipeline
    lazy_priority_queue (0.1.1)
    method_source (1.0.0)
    mustache (1.1.1)
    process-group (1.2.3)
      process-terminal (~> 0.2.0)
    process-pipeline (1.0.2)
      process-group
    process-terminal (0.2.0)
      ffi
    pry (0.13.1)
      coderay (~> 1.1)
      method_source (~> 1.0)
    pry-byebug (3.9.0)
      byebug (~> 11.0)
      pry (~> 0.13.0)
    rgl (0.5.7)
      lazy_priority_queue (~> 0.1.0)
      stream (~> 0.5.3)
    stream (0.5.3)
      generator

PLATFORMS
  ruby

DEPENDENCIES
  color
  graphviz
  mustache
  pry-byebug
  rgl

BUNDLED WITH
   2.1.4
